GEM
  specs:
    activemodel (4.2.7)
      activesupport (= 4.2.7)
      builder (~> 3.1)
    activesupport (4.2.7)
      i18n (~> 0.7)
      json (~> 1.7, >= 1.7.7)
      minitest (~> 5.1)
      thread_safe (~> 0.3, >= 0.3.4)
      tzinfo (~> 1.1)
    amq-protocol (2.0.1)
    avro (1.7.7)
      multi_json
    builder (3.2.2)
    bunny (2.0.1)
      amq-protocol (>= 1.9.2)
    coderay (1.1.1)
    i18n (0.7.0)
    json (1.8.3)
    jwt (1.5.4)
    method_source (0.8.2)
    minitest (5.9.0)
    multi_json (1.12.1)
    pidfile (0.3.0)
    pry (0.10.4)
      coderay (~> 1.1.0)
      method_source (~> 0.8.1)
      slop (~> 3.4)
    rabbit_feed (2.4.4)
      activemodel (>= 3.2.0, < 5.0.0)
      activesupport (>= 3.2.0, < 5.0.0)
      avro (>= 1.5.4, < 1.8.0)
      bunny (>= 2.0.0, < 2.1.0)
      pidfile
    rack (1.6.4)
    rack-protection (1.5.3)
      rack
    sinatra (1.4.7)
      rack (~> 1.5)
      rack-protection (~> 1.4)
      tilt (>= 1.3, < 3)
    slop (3.6.0)
    thread_safe (0.3.5)
    tilt (2.0.5)
    twilio-ruby (4.11.1)
      builder (>= 2.1.2)
      jwt (~> 1.0)
      multi_json (>= 1.3.0)
    tzinfo (1.2.2)
      thread_safe (~> 0.1)

PLATFORMS
  ruby

DEPENDENCIES
  pry
  rabbit_feed
  sinatra
  twilio-ruby

BUNDLED WITH
   1.12.5
